GIT
  remote: https://github.com/puppetlabs/pdksync.git
  revision: b0f66cf78ef07ebe5ceb5f4f2890618969904c98
  specs:
    pdksync (0.5.0)
      colorize
      git (~> 1.3)
      gitlab
      jenkins_api_client
      octokit
      pdk (>= 1.14.1)
      rake

GEM
  remote: https://rubygems.org/
  specs:
    addressable (2.7.0)
      public_suffix (>= 2.0.2, < 5.0)
    childprocess (0.7.1)
      ffi (~> 1.0, >= 1.0.11)
    coderay (1.1.2)
    colorize (0.8.1)
    concurrent-ruby (1.1.6)
    cri (2.15.10)
    deep_merge (1.2.1)
    diff-lcs (1.3)
    equatable (0.6.1)
    facter (2.5.7)
    faraday (1.0.1)
      multipart-post (>= 1.2, < 3)
    fast_gettext (1.1.2)
    ffi (1.9.25)
    gettext (3.2.9)
      locale (>= 2.0.5)
      text (>= 1.3.0)
    gettext-setup (0.34)
      fast_gettext (~> 1.1.0)
      gettext (>= 3.0.2, < 3.3.0)
      locale
    git (1.6.0)
      rchardet (~> 1.8)
    gitlab (4.14.1)
      httparty (~> 0.14, >= 0.14.0)
      terminal-table (~> 1.5, >= 1.5.1)
    hitimes (1.3.0)
    httparty (0.18.0)
      mime-types (~> 3.0)
      multi_xml (>= 0.5.2)
    httpclient (2.8.3)
    jenkins_api_client (1.5.3)
      json (>= 1.0)
      mixlib-shellout (>= 1.1.0)
      nokogiri (~> 1.6)
      socksify (>= 1.7.0)
      terminal-table (>= 1.4.0)
      thor (>= 0.16.0)
    json (2.3.0)
    json-schema (2.8.0)
      addressable (>= 2.4)
    json_pure (2.1.0)
    locale (2.1.3)
    method_source (1.0.0)
    mime-types (3.3.1)
      mime-types-data (~> 3.2015)
    mime-types-data (3.2019.1009)
    mini_portile2 (2.8.0)
    minitar (0.9)
    mixlib-shellout (3.0.9)
    multi_xml (0.6.0)
    multipart-post (2.1.1)
    necromancer (0.5.1)
    nokogiri (1.13.3)
      mini_portile2 (~> 2.8.0)
      racc (~> 1.4)
    octokit (4.18.0)
      faraday (>= 0.9)
      sawyer (~> 0.8.0, >= 0.5.3)
    pastel (0.7.3)
      equatable (~> 0.6)
      tty-color (~> 0.5)
    pathspec (0.2.1)
    pdk (1.17.0)
      bundler (>= 1.15.0, < 3.0.0)
      childprocess (~> 0.7.1)
      concurrent-ruby (~> 1.1.5)
      cri (~> 2.10)
      deep_merge (~> 1.1)
      diff-lcs (= 1.3)
      facter (~> 2.5.1)
      ffi (~> 1.9.0)
      gettext-setup (~> 0.24)
      hitimes (= 1.3.0)
      httpclient (~> 2.8.3)
      json-schema (= 2.8.0)
      json_pure (~> 2.1.0)
      minitar (~> 0.6)
      pathspec (~> 0.2.1)
      tty-prompt (~> 0.13)
      tty-spinner (~> 0.5)
      tty-which (~> 0.3)
    pry (0.13.1)
      coderay (~> 1.1)
      method_source (~> 1.0)
    public_suffix (4.0.4)
    racc (1.6.0)
    rake (13.0.1)
    rchardet (1.8.0)
    sawyer (0.8.2)
      addressable (>= 2.3.5)
      faraday (> 0.8, < 2.0)
    socksify (1.7.1)
    terminal-table (1.8.0)
      unicode-display_width (~> 1.1, >= 1.1.1)
    text (1.3.1)
    thor (1.0.1)
    tty-color (0.5.1)
    tty-cursor (0.7.1)
    tty-prompt (0.21.0)
      necromancer (~> 0.5.0)
      pastel (~> 0.7.0)
      tty-reader (~> 0.7.0)
    tty-reader (0.7.0)
      tty-cursor (~> 0.7)
      tty-screen (~> 0.7)
      wisper (~> 2.0.0)
    tty-screen (0.7.1)
    tty-spinner (0.9.3)
      tty-cursor (~> 0.7)
    tty-which (0.4.2)
    unicode-display_width (1.7.0)
    wisper (2.0.1)

PLATFORMS
  ruby

DEPENDENCIES
  pdksync!
  pry

BUNDLED WITH
   2.1.4
